GEM
  remote: https://rubygems.org/
  specs:
    rb_heap (1.1.0)

PLATFORMS
  x86_64-linux

DEPENDENCIES
  rb_heap

BUNDLED WITH
   2.4.20
